STORAGE: NONE
NUGET
  remote: https://api.nuget.org/v3/index.json
    CommandLineParser (2.9.1)
